GEM
  specs:
    jekyll-toc (0.6.0)
      nokogiri (~> 1.7)
    mini_portile2 (2.3.0)
    nokogiri (1.8.4)
      mini_portile2 (~> 2.3.0)

PLATFORMS
  ruby

DEPENDENCIES
  jekyll-toc

BUNDLED WITH
   1.16.3
